GEM
  remote: https://rubygems.org/
  specs:
    byebug (10.0.2)
    diff-lcs (1.3)
    exif (2.2.0)
    rspec (3.7.0)
      rspec-core (~> 3.7.0)
      rspec-expectations (~> 3.7.0)
      rspec-mocks (~> 3.7.0)
    rspec-core (3.7.1)
      rspec-support (~> 3.7.0)
    rspec-expectations (3.7.0)
      diff-lcs (>= 1.2.0, < 2.0)
      rspec-support (~> 3.7.0)
    rspec-mocks (3.7.0)
      diff-lcs (>= 1.2.0, < 2.0)
      rspec-support (~> 3.7.0)
    rspec-support (3.7.1)
    slop (4.6.2)

PLATFORMS
  ruby

DEPENDENCIES
  byebug
  exif
  rspec
  slop (~> 4.0)

BUNDLED WITH
   1.16.1
